GEM
  remote: https://rubygems.org/
  specs:
    mini_portile2 (2.3.0)
    nokogiri (1.8.2)
      mini_portile2 (~> 2.3.0)
    phantomjs (2.1.1.0)

PLATFORMS
  ruby

DEPENDENCIES
  nokogiri
  phantomjs

BUNDLED WITH
   1.16.1
